GEM
  remote: http://rubygems.org/
  specs:
    sass (3.1.7)

PLATFORMS
  ruby

DEPENDENCIES
  sass
